NUGET
  remote: https://www.nuget.org/api/v2
  specs:
    FSharp.Collections.ParallelSeq (1.0.2)
    FSharp.Data (2.2.5)
      Zlib.Portable (>= 1.10.0) - framework: portable-net40+sl50+wp80+win80
    Zlib.Portable (1.11.0) - framework: portable-net40+sl50+wp80+win80
